GEM
  remote: https://rubygems.org/
  specs:
    dotenv (2.8.1)

PLATFORMS
  x86_64-linux

DEPENDENCIES
  dotenv

RUBY VERSION
   ruby 3.0.0p0

BUNDLED WITH
   2.4.5
